GEM
  specs:
    addressable (2.2.6)
    foreman (0.30.1)
      term-ansicolor (~> 1.0.5)
      thor (>= 0.13.6)
    heroku (2.17.0)
      launchy (>= 0.3.2)
      rest-client (~> 1.6.1)
      rubyzip
      term-ansicolor (~> 1.0.5)
    launchy (2.0.5)
      addressable (~> 2.2.6)
    mime-types (1.17.2)
    rest-client (1.6.7)
      mime-types (>= 1.16)
    rubyzip (0.9.5)
    term-ansicolor (1.0.7)
    thor (0.14.6)

PLATFORMS
  ruby

DEPENDENCIES
  foreman
  heroku
